GEM
  remote: https://rubygems.org/
  specs:
    byebug (11.1.3)
    coderay (1.1.3)
    ffi (1.16.3)
    image_processing (1.12.2)
      mini_magick (>= 4.9.5, < 5)
      ruby-vips (>= 2.0.17, < 3)
    method_source (1.0.0)
    mini_magick (4.12.0)
    pry (0.14.2)
      coderay (~> 1.1)
      method_source (~> 1.0)
    pry-byebug (3.10.1)
      byebug (~> 11.0)
      pry (>= 0.13, < 0.15)
    ruby-vips (2.2.0)
      ffi (~> 1.12)

PLATFORMS
  x86_64-darwin-22
  x86_64-linux

DEPENDENCIES
  image_processing
  pry-byebug

BUNDLED WITH
   2.4.21
